PATH
  remote: .
  specs:
    rack_dav (0.4.0)
      ffi-xattr (~> 0.1)
      nokogiri (~> 1.5)
      rack (>= 1.4, < 3.0)

GEM
  remote: http://rubygems.org/
  specs:
    diff-lcs (1.2.5)
    ffi (1.11.3)
    ffi (1.11.3-java)
    ffi-xattr (0.1.2)
      ffi
    mini_portile2 (2.4.0)
    nokogiri (1.10.7)
      mini_portile2 (~> 2.4.0)
    nokogiri (1.10.7-java)
    rack (2.0.8)
    rake (0.9.6)
    rspec (2.99.0)
      rspec-core (~> 2.99.0)
      rspec-expectations (~> 2.99.0)
      rspec-mocks (~> 2.99.0)
    rspec-core (2.99.2)
    rspec-expectations (2.99.2)
      diff-lcs (>= 1.1.3, < 2.0)
    rspec-mocks (2.99.3)

PLATFORMS
  java
  ruby

DEPENDENCIES
  rack_dav!
  rake (~> 0.9)
  rspec (~> 2.11)
