PATH
  remote: .
  specs:
    rack_dav (0.4.0)
      ffi-xattr (~> 0.1)
      nokogiri (~> 1.5)
      rack (~> 1.4)

GEM
  remote: http://rubygems.org/
  specs:
    diff-lcs (1.2.5)
    ffi (1.9.10)
    ffi (1.9.10-java)
    ffi-xattr (0.1.2)
      ffi
    mini_portile (0.6.2)
    nokogiri (1.6.6.2)
      mini_portile (~> 0.6.0)
    nokogiri (1.6.6.2-java)
    rack (1.6.4)
    rake (13.0.1)
    rspec (2.99.0)
      rspec-core (~> 2.99.0)
      rspec-expectations (~> 2.99.0)
      rspec-mocks (~> 2.99.0)
    rspec-core (2.99.2)
    rspec-expectations (2.99.2)
      diff-lcs (>= 1.1.3, < 2.0)
    rspec-mocks (2.99.3)

PLATFORMS
  java
  ruby

DEPENDENCIES
  rack_dav!
  rake (~> 13.0)
  rspec (~> 2.11)
