PATH
  remote: .
  specs:
    rack_dav (0.2.dev)
      nokogiri
      rack (~> 1.4.0)

GEM
  remote: http://rubygems.org/
  specs:
    diff-lcs (1.1.3)
    nokogiri (1.5.5)
    nokogiri (1.5.5-java)
    rack (1.4.1)
    rspec (2.11.0)
      rspec-core (~> 2.11.0)
      rspec-expectations (~> 2.11.0)
      rspec-mocks (~> 2.11.0)
    rspec-core (2.11.1)
    rspec-expectations (2.11.2)
      diff-lcs (~> 1.1.3)
    rspec-mocks (2.11.1)

PLATFORMS
  java
  ruby

DEPENDENCIES
  rack_dav!
  rspec (~> 2.11.0)
