PATH
  remote: .
  specs:
    rack_dav (0.2.dev)
      nokogiri
      rack (~> 1.2.0)

GEM
  remote: http://rubygems.org/
  specs:
    diff-lcs (1.1.2)
    nokogiri (1.5.0)
    rack (1.2.3)
    rspec (2.6.0)
      rspec-core (~> 2.6.0)
      rspec-expectations (~> 2.6.0)
      rspec-mocks (~> 2.6.0)
    rspec-core (2.6.4)
    rspec-expectations (2.6.0)
      diff-lcs (~> 1.1.2)
    rspec-mocks (2.6.0)

PLATFORMS
  java
  ruby

DEPENDENCIES
  rack_dav!
  rspec (~> 2.6.0)
