PATH
  remote: .
  specs:
    rack_dav (0.3.1)
      nokogiri
      rack (> 1.4.0)

GEM
  remote: http://rubygems.org/
  specs:
    diff-lcs (1.2.1)
    nokogiri (1.5.8)
    nokogiri (1.5.8-java)
    rack (1.5.2)
    rake (10.0.3)
    rspec (2.13.0)
      rspec-core (~> 2.13.0)
      rspec-expectations (~> 2.13.0)
      rspec-mocks (~> 2.13.0)
    rspec-core (2.13.1)
    rspec-expectations (2.13.0)
      diff-lcs (>= 1.1.3, < 2.0)
    rspec-mocks (2.13.0)

PLATFORMS
  java
  ruby

DEPENDENCIES
  rack_dav!
  rake (> 0.9.0)
  rspec (> 2.11.0)
